PATH
  remote: .
  specs:
    disruptor (1.0.0.beta4)
      concurrent-ruby-ext

GEM
  remote: https://rubygems.org/
  specs:
    ast (2.4.0)
    concurrent-ruby (0.8.0)
      ref (~> 1.0, >= 1.0.5)
    concurrent-ruby (0.8.0-java)
    concurrent-ruby-ext (0.8.0)
      concurrent-ruby (~> 0.8.0)
    diff-lcs (1.2.5)
    jaro_winkler (1.5.4)
    parallel (1.18.0)
    parser (2.6.5.0)
      ast (~> 2.4.0)
    rainbow (3.0.0)
    rake (10.4.2)
    ref (1.0.5)
    rspec (3.2.0)
      rspec-core (~> 3.2.0)
      rspec-expectations (~> 3.2.0)
      rspec-mocks (~> 3.2.0)
    rspec-core (3.2.0)
      rspec-support (~> 3.2.0)
    rspec-expectations (3.2.0)
      diff-lcs (>= 1.2.0, < 2.0)
      rspec-support (~> 3.2.0)
    rspec-mocks (3.2.0)
      diff-lcs (>= 1.2.0, < 2.0)
      rspec-support (~> 3.2.0)
    rspec-support (3.2.0)
    rubocop (0.76.0)
      jaro_winkler (~> 1.5.1)
      parallel (~> 1.10)
      parser (>= 2.6)
      rainbow (>= 2.2.2, < 4.0)
      ruby-progressbar (~> 1.7)
      unicode-display_width (>= 1.4.0, < 1.7)
    ruby-progressbar (1.10.1)
    unicode-display_width (1.6.0)

PLATFORMS
  java
  ruby

DEPENDENCIES
  bundler (~> 1.7)
  disruptor!
  rake (~> 10.0)
  rspec
  rubocop
